GEM
  remote: http://rubygems.org/
  specs:
    crack (0.1.6)
    haml (3.0.15)
    hashie (0.2.2)
    httparty (0.5.2)
      crack (= 0.1.6)
    oauth (0.4.4)
    rack (1.2.2)
    sequel (3.21.0)
    sinatra (1.1.0)
      rack (~> 1.1)
      tilt (~> 1.1)
    sqlite3 (1.3.3)
    tilt (1.2.2)
    twitter (0.9.8)
      hashie (~> 0.2.0)
      httparty (~> 0.5.0)
      oauth (~> 0.4.1)
      yajl-ruby (~> 0.7.0)
    yajl-ruby (0.7.9)

PLATFORMS
  ruby

DEPENDENCIES
  haml (= 3.0.15)
  sequel (>= 3.6.0)
  sinatra (= 1.1)
  sqlite3
  twitter (= 0.9.8)
